GEM
  remote: https://rubygems.org/
  specs:
    addressable (2.7.0)
      public_suffix (>= 2.0.2, < 5.0)
    ast (2.4.2)
    bundler-audit (0.8.0)
      bundler (>= 1.2.0, < 3)
      thor (~> 1.0)
    cgi (0.2.0)
    coderay (1.1.3)
    domain_name (0.5.20190701)
      unf (>= 0.0.5, < 1.0.0)
    erb (2.2.3)
      cgi
    ffi (1.15.0)
    ffi-compiler (1.0.1)
      ffi (>= 1.0.0)
      rake
    figaro (1.2.0)
      thor (>= 0.14.0, < 2)
    hirb (0.7.3)
    http (5.0.0)
      addressable (~> 2.3)
      http-cookie (~> 1.0)
      http-form_data (~> 2.2)
      llhttp-ffi (~> 0.0.1)
    http-cookie (1.0.4)
      domain_name (~> 0.5)
    http-form_data (2.3.0)
    json (2.5.1)
    listen (3.5.1)
      rb-fsevent (~> 0.10, >= 0.10.3)
      rb-inotify (~> 0.9, >= 0.9.10)
    llhttp-ffi (0.0.1)
      ffi-compiler (~> 1.0)
      rake (~> 13.0)
    method_source (1.0.0)
    minitest (5.14.4)
    minitest-rg (5.2.0)
      minitest (~> 5.0)
    nio4r (2.5.7)
    parallel (1.20.1)
    parser (3.0.1.1)
      ast (~> 2.4.1)
    pg (1.2.3)
    pry (0.14.1)
      coderay (~> 1.1)
      method_source (~> 1.0)
    public_suffix (4.0.6)
    puma (5.3.1)
      nio4r (~> 2.0)
    rack (2.2.3)
    rack-cors (1.1.1)
      rack (>= 2.0.0)
    rack-test (1.1.0)
      rack (>= 1.0, < 3)
    rainbow (3.0.0)
    rake (13.0.3)
    rb-fsevent (0.11.0)
    rb-inotify (0.10.1)
      ffi (~> 1.0)
    rbnacl (7.1.1)
      ffi
    regexp_parser (2.1.1)
    require_all (3.0.0)
    rerun (0.13.1)
      listen (~> 3.0)
    rexml (3.2.5)
    roda (3.43.1)
      rack
    rubocop (1.14.0)
      parallel (~> 1.10)
      parser (>= 3.0.0.0)
      rainbow (>= 2.2.2, < 4.0)
      regexp_parser (>= 1.8, < 3.0)
      rexml
      rubocop-ast (>= 1.5.0, < 2.0)
      ruby-progressbar (~> 1.7)
      unicode-display_width (>= 1.4.0, < 3.0)
    rubocop-ast (1.5.0)
      parser (>= 3.0.1.1)
    rubocop-minitest (0.12.1)
      rubocop (>= 0.90, < 2.0)
    rubocop-rake (0.5.1)
      rubocop
    rubocop-sequel (0.2.0)
      rubocop (~> 1.0)
    ruby-progressbar (1.11.0)
    sequel (5.44.0)
    sqlite3 (1.4.2)
    thor (1.1.0)
    unf (0.1.4)
      unf_ext
    unf_ext (0.0.7.7)
    unicode-display_width (2.0.0)

PLATFORMS
  x86_64-linux

DEPENDENCIES
  bundler-audit
  erb
  figaro
  hirb (~> 0)
  http
  json
  minitest
  minitest-rg
  pg
  pry
  puma
  rack-cors
  rack-test
  rake
  rbnacl
  require_all
  rerun
  roda
  rubocop
  rubocop-minitest
  rubocop-rake
  rubocop-sequel
  sequel (~> 5)
  sqlite3

RUBY VERSION
   ruby 3.0.0p0

BUNDLED WITH
   2.2.19
